GIT
  remote: https://github.com/dcondomitti/kibana
  revision: 480d1528c20f0aa569f05c370c342d1aaf24a896
  branch: fix_structure
  specs:
    kibana (0.0.1)
      fastercsv
      json
      sinatra
      thin
      tzinfo

GEM
  remote: http://rubygems.org/
  specs:
    daemons (1.1.9)
    eventmachine (1.0.0)
    fastercsv (1.5.5)
    json (1.7.6)
    kgio (2.7.4)
    rack (1.4.3)
    rack-protection (1.3.2)
      rack
    raindrops (0.10.0)
    sinatra (1.3.3)
      rack (~> 1.3, >= 1.3.6)
      rack-protection (~> 1.2)
      tilt (~> 1.3, >= 1.3.3)
    thin (1.5.0)
      daemons (>= 1.0.9)
      eventmachine (>= 0.12.6)
      rack (>= 1.0.0)
    tilt (1.3.3)
    tzinfo (0.3.35)
    unicorn (4.5.0)
      kgio (~> 2.6)
      rack
      raindrops (~> 0.7)

PLATFORMS
  ruby

DEPENDENCIES
  kibana!
  unicorn
